GEM
  remote: http://rubygems.org/
  specs:
    activemodel (3.0.10)
      activesupport (= 3.0.10)
      builder (~> 2.1.2)
      i18n (~> 0.5.0)
    activeresource (3.0.10)
      activemodel (= 3.0.10)
      activesupport (= 3.0.10)
    activesupport (3.0.10)
    addressable (2.2.8)
    builder (2.1.2)
    columnize (0.3.2)
    crack (0.3.1)
    diff-lcs (1.1.2)
    i18n (0.5.0)
    json (1.7.4)
    linecache (0.43)
    mime-types (1.19)
    nokogiri (1.5.5)
    oauth (0.4.6)
    rest-client (1.6.7)
      mime-types (>= 1.16)
    rspec (2.5.0)
      rspec-core (~> 2.5.0)
      rspec-expectations (~> 2.5.0)
      rspec-mocks (~> 2.5.0)
    rspec-core (2.5.1)
    rspec-expectations (2.5.0)
      diff-lcs (~> 1.1.2)
    rspec-mocks (2.5.0)
    ruby-debug (0.10.4)
      columnize (>= 0.1)
      ruby-debug-base (~> 0.10.4.0)
    ruby-debug-base (0.10.4)
      linecache (>= 0.3)
    timecop (0.4.4)
    vcr (2.2.4)
    webmock (1.8.8)
      addressable (~> 2.2.8)
      crack (>= 0.1.7)

PLATFORMS
  ruby

DEPENDENCIES
  activeresource
  json
  nokogiri
  oauth
  rest-client
  rspec
  ruby-debug
  timecop
  vcr
  webmock
